PATH
  remote: .
  specs:
    dachsfisch (1.0.2)
      nokogiri (>= 1.14.1, < 2.0.0)

GEM
  remote: https://rubygems.org/
  specs:
    ast (2.4.3)
    coderay (1.1.3)
    diff-lcs (1.6.2)
    docile (1.4.1)
    equivalent-xml (0.6.0)
      nokogiri (>= 1.4.3)
    json (2.13.2)
    language_server-protocol (3.17.0.5)
    lint_roller (1.1.0)
    method_source (1.1.0)
    mini_portile2 (2.8.9)
    nokogiri (1.18.9)
      mini_portile2 (~> 2.8.2)
      racc (~> 1.4)
    nokogiri (1.18.9-aarch64-linux-gnu)
      racc (~> 1.4)
    nokogiri (1.18.9-aarch64-linux-musl)
      racc (~> 1.4)
    nokogiri (1.18.9-arm-linux-gnu)
      racc (~> 1.4)
    nokogiri (1.18.9-arm-linux-musl)
      racc (~> 1.4)
    nokogiri (1.18.9-arm64-darwin)
      racc (~> 1.4)
    nokogiri (1.18.9-x86_64-darwin)
      racc (~> 1.4)
    nokogiri (1.18.9-x86_64-linux-gnu)
      racc (~> 1.4)
    nokogiri (1.18.9-x86_64-linux-musl)
      racc (~> 1.4)
    parallel (1.27.0)
    parser (3.3.9.0)
      ast (~> 2.4.1)
      racc
    prism (1.4.0)
    pry (0.15.2)
      coderay (~> 1.1)
      method_source (~> 1.0)
    racc (1.8.1)
    rainbow (3.1.1)
    rake (13.3.0)
    regexp_parser (2.11.2)
    rspec (3.13.1)
      rspec-core (~> 3.13.0)
      rspec-expectations (~> 3.13.0)
      rspec-mocks (~> 3.13.0)
    rspec-core (3.13.5)
      rspec-support (~> 3.13.0)
    rspec-expectations (3.13.5)
      diff-lcs (>= 1.2.0, < 2.0)
      rspec-support (~> 3.13.0)
    rspec-github (3.0.0)
      rspec-core (~> 3.0)
    rspec-mocks (3.13.5)
      diff-lcs (>= 1.2.0, < 2.0)
      rspec-support (~> 3.13.0)
    rspec-support (3.13.4)
    rubocop (1.80.2)
      json (~> 2.3)
      language_server-protocol (~> 3.17.0.2)
      lint_roller (~> 1.1.0)
      parallel (~> 1.10)
      parser (>= 3.3.0.2)
      rainbow (>= 2.2.2, < 4.0)
      regexp_parser (>= 2.9.3, < 3.0)
      rubocop-ast (>= 1.46.0, < 2.0)
      ruby-progressbar (~> 1.7)
      unicode-display_width (>= 2.4.0, < 4.0)
    rubocop-ast (1.46.0)
      parser (>= 3.3.7.2)
      prism (~> 1.4)
    rubocop-factory_bot (2.27.1)
      lint_roller (~> 1.1)
      rubocop (~> 1.72, >= 1.72.1)
    rubocop-performance (1.25.0)
      lint_roller (~> 1.1)
      rubocop (>= 1.75.0, < 2.0)
      rubocop-ast (>= 1.38.0, < 2.0)
    rubocop-rspec (3.7.0)
      lint_roller (~> 1.1)
      rubocop (~> 1.72, >= 1.72.1)
    ruby-progressbar (1.13.0)
    simplecov (0.22.0)
      docile (~> 1.1)
      simplecov-html (~> 0.11)
      simplecov_json_formatter (~> 0.1)
    simplecov-html (0.13.2)
    simplecov_json_formatter (0.1.4)
    unicode-display_width (3.1.5)
      unicode-emoji (~> 4.0, >= 4.0.4)
    unicode-emoji (4.0.4)

PLATFORMS
  aarch64-linux-gnu
  aarch64-linux-musl
  arm-linux-gnu
  arm-linux-musl
  arm64-darwin
  ruby
  x86_64-darwin
  x86_64-linux-gnu
  x86_64-linux-musl

DEPENDENCIES
  dachsfisch!
  equivalent-xml
  pry
  rake
  rspec
  rspec-github
  rubocop
  rubocop-factory_bot
  rubocop-performance
  rubocop-rspec
  simplecov

CHECKSUMS
  ast (2.4.3) sha256=954615157c1d6a382bc27d690d973195e79db7f55e9765ac7c481c60bdb4d383
  coderay (1.1.3) sha256=dc530018a4684512f8f38143cd2a096c9f02a1fc2459edcfe534787a7fc77d4b
  dachsfisch (1.0.2)
  diff-lcs (1.6.2) sha256=9ae0d2cba7d4df3075fe8cd8602a8604993efc0dfa934cff568969efb1909962
  docile (1.4.1) sha256=96159be799bfa73cdb721b840e9802126e4e03dfc26863db73647204c727f21e
  equivalent-xml (0.6.0) sha256=8919761efa848ad0846369ff8be1f646b17e5061698c4867b09829000cc3f487
  json (2.13.2) sha256=02e1f118d434c6b230a64ffa5c8dee07e3ec96244335c392eaed39e1199dbb68
  language_server-protocol (3.17.0.5) sha256=fd1e39a51a28bf3eec959379985a72e296e9f9acfce46f6a79d31ca8760803cc
  lint_roller (1.1.0) sha256=2c0c845b632a7d172cb849cc90c1bce937a28c5c8ccccb50dfd46a485003cc87
  method_source (1.1.0) sha256=181301c9c45b731b4769bc81e8860e72f9161ad7d66dd99103c9ab84f560f5c5
  mini_portile2 (2.8.9) sha256=0cd7c7f824e010c072e33f68bc02d85a00aeb6fce05bb4819c03dfd3c140c289
  nokogiri (1.18.9) sha256=ac5a7d93fd0e3cef388800b037407890882413feccca79eb0272a2715a82fa33
  nokogiri (1.18.9-aarch64-linux-gnu) sha256=5bcfdf7aa8d1056a7ad5e52e1adffc64ef53d12d0724fbc6f458a3af1a4b9e32
  nokogiri (1.18.9-aarch64-linux-musl) sha256=55e9e6ca46c4ad1715e313f407d8481d15be1e3b65d9f8e52ba1c124d01676a7
  nokogiri (1.18.9-arm-linux-gnu) sha256=fe611ae65880e445a9c0f650d52327db239f3488626df4173c05beafd161d46e
  nokogiri (1.18.9-arm-linux-musl) sha256=935605e14c0ba17da18d203922440bf6c0676c602659278d855d4622d756a324
  nokogiri (1.18.9-arm64-darwin) sha256=eea3f1f06463ff6309d3ff5b88033c4948d0da1ab3cc0a3a24f63c4d4a763979
  nokogiri (1.18.9-x86_64-darwin) sha256=e0d2deb03d3d7af8016e8c9df5ff4a7d692159cefb135cbb6a4109f265652348
  nokogiri (1.18.9-x86_64-linux-gnu) sha256=b52f5defedc53d14f71eeaaf990da66b077e1918a2e13088b6a96d0230f44360
  nokogiri (1.18.9-x86_64-linux-musl) sha256=e69359d6240c17e64cc9f43970d54f13bfc7b8cc516b819228f687e953425e69
  parallel (1.27.0) sha256=4ac151e1806b755fb4e2dc2332cbf0e54f2e24ba821ff2d3dcf86bf6dc4ae130
  parser (3.3.9.0) sha256=94d6929354b1a6e3e1f89d79d4d302cc8f5aa814431a6c9c7e0623335d7687f2
  prism (1.4.0) sha256=dc0e3e00e93160213dc2a65519d9002a4a1e7b962db57d444cf1a71565bb703e
  pry (0.15.2) sha256=12d54b8640d3fa29c9211dd4ffb08f3fd8bf7a4fd9b5a73ce5b59c8709385b6b
  racc (1.8.1) sha256=4a7f6929691dbec8b5209a0b373bc2614882b55fc5d2e447a21aaa691303d62f
  rainbow (3.1.1) sha256=039491aa3a89f42efa1d6dec2fc4e62ede96eb6acd95e52f1ad581182b79bc6a
  rake (13.3.0) sha256=96f5092d786ff412c62fde76f793cc0541bd84d2eb579caa529aa8a059934493
  regexp_parser (2.11.2) sha256=5e5e9c1485ffd8de53ab1d2807affd81f617f72967dfc64fc75a69e2cbf0ff98
  rspec (3.13.1) sha256=b9f9a58fa915b8d94a1d6b3195fe6dd28c4c34836a6097015142c4a9ace72140
  rspec-core (3.13.5) sha256=ab3f682897c6131c67f9a17cfee5022a597f283aebe654d329a565f9937a4fa3
  rspec-expectations (3.13.5) sha256=33a4d3a1d95060aea4c94e9f237030a8f9eae5615e9bd85718fe3a09e4b58836
  rspec-github (3.0.0) sha256=46af3cd8cad3e4434c20598752b6e721c5325e73d7e36e256379f0d3a85968af
  rspec-mocks (3.13.5) sha256=e4338a6f285ada9fe56f5893f5457783af8194f5d08884d17a87321d5195ea81
  rspec-support (3.13.4) sha256=184b1814f6a968102b57df631892c7f1990a91c9a3b9e80ef892a0fc2a71a3f7
  rubocop (1.80.2) sha256=6485f30fefcf5c199db3b91e5e253b1ef43f7e564784e2315255809a3dd9abf4
  rubocop-ast (1.46.0) sha256=0da7f6ad5b98614f89b74f11873c191059c823eae07d6ffd40a42a3338f2232b
  rubocop-factory_bot (2.27.1) sha256=9d744b5916778c1848e5fe6777cc69855bd96548853554ec239ba9961b8573fe
  rubocop-performance (1.25.0) sha256=6f7d03568a770054117a78d0a8e191cefeffb703b382871ca7743831b1a52ec1
  rubocop-rspec (3.7.0) sha256=b7b214da112034db9c6d00f2d811a354847e870f7b6ed2482b29649c3d42058f
  ruby-progressbar (1.13.0) sha256=80fc9c47a9b640d6834e0dc7b3c94c9df37f08cb072b7761e4a71e22cff29b33
  simplecov (0.22.0) sha256=fe2622c7834ff23b98066bb0a854284b2729a569ac659f82621fc22ef36213a5
  simplecov-html (0.13.2) sha256=bd0b8e54e7c2d7685927e8d6286466359b6f16b18cb0df47b508e8d73c777246
  simplecov_json_formatter (0.1.4) sha256=529418fbe8de1713ac2b2d612aa3daa56d316975d307244399fa4838c601b428
  unicode-display_width (3.1.5) sha256=bf566817855ee7ee3adcf7bace0d5906cb14401417db59193f8a5fcedf02dd4e
  unicode-emoji (4.0.4) sha256=2c2c4ef7f353e5809497126285a50b23056cc6e61b64433764a35eff6c36532a

BUNDLED WITH
   2.7.1
